PATH
  remote: .
  specs:
    tinroof-taps (0.3.24)
      rack (>= 1.0.1)
      rest-client (>= 1.4.0, < 1.7.0)
      sequel (~> 3.20.0)
      sinatra (~> 1.4.4)
      sqlite3 (~> 1.3.8)

GEM
  remote: http://rubygems.org/
  specs:
    airbrake (5.4.3)
      airbrake-ruby (~> 1.4)
    airbrake-ruby (1.4.4)
    bacon (1.2.0)
    byebug (9.0.5)
    daemons (1.2.3)
    docile (1.1.5)
    eventmachine (1.2.0.1)
    extlib (0.9.15)
    json (2.0.1)
    metaclass (0.0.4)
    mime-types (1.25.1)
    mocha (1.1.0)
      metaclass (~> 0.0.1)
    mysql (2.9.1)
    mysql2 (0.4.4)
    pg (0.9.0)
    rack (1.6.4)
    rack-protection (1.5.3)
      rack
    rack-test (0.6.3)
      rack (>= 1.0)
    rake (11.2.2)
    rest-client (1.6.9)
      mime-types (~> 1.16)
    sequel (3.20.0)
    simplecov (0.12.0)
      docile (~> 1.1.0)
      json (>= 1.8, < 3)
      simplecov-html (~> 0.10.0)
    simplecov-html (0.10.0)
    sinatra (1.4.7)
      rack (~> 1.5)
      rack-protection (~> 1.4)
      tilt (>= 1.3, < 3)
    sqlite3 (1.3.11)
    thin (1.7.0)
      daemons (~> 1.0, >= 1.0.9)
      eventmachine (~> 1.0, >= 1.0.4)
      rack (>= 1, < 3)
    tilt (2.0.5)

PLATFORMS
  ruby

DEPENDENCIES
  airbrake (~> 5.4)
  bacon
  byebug
  extlib (= 0.9.15)
  mocha
  mysql
  mysql2
  pg (= 0.9.0)
  rack-test
  rake
  simplecov
  sqlite3 (~> 1.2)
  thin (> 1.2.0)
  tinroof-taps!

BUNDLED WITH
   1.11.2
